PATH
  remote: .
  specs:
    hakiri (0.5.2)
      activesupport
      bundler
      commander
      i18n
      json_pure
      rake
      rest-client
      terminal-table

GEM
  remote: https://rubygems.org/
  specs:
    activesupport (3.2.14)
      i18n (~> 0.6, >= 0.6.4)
      multi_json (~> 1.0)
    cane (2.6.0)
      parallel
    commander (4.1.5)
      highline (~> 1.6.11)
    highline (1.6.19)
    i18n (0.6.5)
    json_pure (1.8.0)
    mime-types (1.25)
    minitest (5.0.6)
    multi_json (1.7.7)
    parallel (0.7.1)
    rake (10.1.0)
    rest-client (1.6.7)
      mime-types (>= 1.16)
    simplecov (0.8.0.pre)
      multi_json
      simplecov-html (~> 0.7.1)
    simplecov-html (0.7.1)
    terminal-table (1.4.5)

PLATFORMS
  java
  ruby

DEPENDENCIES
  cane (~> 2.6.0)
  hakiri!
  minitest (~> 5.0.0)
  simplecov (>= 0.8.0.pre)
